GIT
  remote: https://github.com/github/gemoji.git
  revision: a844c2c1f71953d6362b7f3ef9b849d7da588fe3
  specs:
    gemoji (1.4.0)

GEM
  specs:

PLATFORMS
  ruby

DEPENDENCIES
  gemoji!
